GIT
  remote: https://github.com/Dev-LucasNunes/algorithm_gem
  revision: 70b071a4c5235578c799085d74cf3e837451b1d9
  specs:
    ruby_algorithm (0.1.0)

GEM
  remote: https://rubygems.org/
  specs:
    debug (1.9.1)
      irb (~> 1.10)
      reline (>= 0.3.8)
    io-console (0.7.2)
    irb (1.11.2)
      rdoc
      reline (>= 0.4.2)
    psych (5.1.2)
      stringio
    rdoc (6.6.2)
      psych (>= 4.0.0)
    reline (0.4.2)
      io-console (~> 0.5)
    stringio (3.1.0)

PLATFORMS
  ruby
  x86_64-linux

DEPENDENCIES
  debug
  ruby_algorithm!

BUNDLED WITH
   2.5.6
